GEM
  remote: https://rubygems.org/
  specs:
    nio4r (2.5.8)
    puma (5.6.4)
      nio4r (~> 2.0)
    rack (2.2.4)
    sqlite3 (1.4.4)
    webrick (1.7.0)

PLATFORMS
  arm64-darwin-21

DEPENDENCIES
  puma (~> 5.0)
  rack (~> 2.2)
  sqlite3 (~> 1.4)
  webrick

RUBY VERSION
   ruby 3.1.0p0

BUNDLED WITH
   2.3.3
