GEM
  remote: https://rubygems.org/
  specs:
    citrus (3.0.2)
    nio4r (2.5.8)
    puma (5.6.4)
      nio4r (~> 2.0)
    rack (2.2.4)
    sqlite3 (1.4.4)
    toml-rb (2.2.0)
      citrus (~> 3.0, > 3.0)

PLATFORMS
  arm64-darwin-21

DEPENDENCIES
  puma (~> 5.0)
  rack (~> 2.2)
  sqlite3 (~> 1.4)
  toml-rb (~> 2.2)

RUBY VERSION
   ruby 3.1.0p0

BUNDLED WITH
   2.3.3
